GEM
  remote: https://rubygems.org/
  specs:
    ffaker (2.14.0)

PLATFORMS
  ruby

DEPENDENCIES
  ffaker (~> 2.14)

BUNDLED WITH
   2.1.4
